GEM
  remote: https://rubygems.org/
  specs:
    google_currency (3.3.0)
      money (~> 6.7)
    i18n (0.7.0)
    money (6.7.0)
      i18n (>= 0.6.4, <= 0.7.0)
      sixarm_ruby_unaccent (>= 1.1.1, < 2)
    sixarm_ruby_unaccent (1.1.1)

PLATFORMS
  ruby

DEPENDENCIES
  google_currency
  money

BUNDLED WITH
   1.11.2
